GEM
  remote: https://rubygems.org/
  specs:
    activesupport (7.1.3.3)
      base64
      bigdecimal
      concurrent-ruby (~> 1.0, >= 1.0.2)
      connection_pool (>= 2.2.5)
      drb
      i18n (>= 1.6, < 2)
      minitest (>= 5.1)
      mutex_m
      tzinfo (~> 2.0)
    aws-eventstream (1.3.0)
    aws-partitions (1.938.0)
    aws-sdk-core (3.196.1)
      aws-eventstream (~> 1, >= 1.3.0)
      aws-partitions (~> 1, >= 1.651.0)
      aws-sigv4 (~> 1.8)
      jmespath (~> 1, >= 1.6.1)
    aws-sdk-dynamodb (1.111.0)
      aws-sdk-core (~> 3, >= 3.193.0)
      aws-sigv4 (~> 1.1)
    aws-sdk-kms (1.82.0)
      aws-sdk-core (~> 3, >= 3.193.0)
      aws-sigv4 (~> 1.1)
    aws-sdk-s3 (1.151.0)
      aws-sdk-core (~> 3, >= 3.194.0)
      aws-sdk-kms (~> 1)
      aws-sigv4 (~> 1.8)
    aws-sdk-secretsmanager (1.95.0)
      aws-sdk-core (~> 3, >= 3.193.0)
      aws-sigv4 (~> 1.1)
    aws-sdk-ssm (1.169.0)
      aws-sdk-core (~> 3, >= 3.193.0)
      aws-sigv4 (~> 1.1)
    aws-sigv4 (1.8.0)
      aws-eventstream (~> 1, >= 1.0.2)
    aws_data (0.1.1)
      aws-sdk-core
      memoist
    base64 (0.2.0)
    bigdecimal (3.1.8)
    cli-format (0.6.1)
      activesupport
      text-table
      zeitwerk
    concurrent-ruby (1.3.1)
    connection_pool (2.4.1)
    deep_merge (1.2.2)
    diff-lcs (1.5.1)
    dotenv (3.1.2)
    drb (2.2.1)
    dsl_evaluator (0.3.2)
      activesupport
      memoist
      rainbow
      zeitwerk
    eventmachine (1.2.7)
    eventmachine-tail (0.6.5)
      eventmachine
    graph (2.11.0)
    hcl_parser (0.2.2)
      rhcl
    i18n (1.14.5)
      concurrent-ruby (~> 1.0)
    jmespath (1.6.2)
    memoist (0.16.2)
    minitest (5.23.1)
    mutex_m (0.2.0)
    nokogiri (1.16.5-x86_64-darwin)
      racc (~> 1.4)
    racc (1.8.0)
    rainbow (3.1.1)
    render_me_pretty (0.9.0)
      activesupport
      rainbow
      tilt
    rexml (3.2.8)
      strscan (>= 3.0.9)
    rhcl (0.1.0)
      deep_merge
    rspec (3.13.0)
      rspec-core (~> 3.13.0)
      rspec-expectations (~> 3.13.0)
      rspec-mocks (~> 3.13.0)
    rspec-core (3.13.0)
      rspec-support (~> 3.13.0)
    rspec-expectations (3.13.0)
      diff-lcs (>= 1.2.0, < 2.0)
      rspec-support (~> 3.13.0)
    rspec-mocks (3.13.1)
      diff-lcs (>= 1.2.0, < 2.0)
      rspec-support (~> 3.13.0)
    rspec-support (3.13.1)
    rspec-terraspace (0.3.3)
      activesupport
      memoist
      rainbow
      rspec
      zeitwerk
    rubyzip (2.3.2)
    s3-secure (0.7.0)
      activesupport
      aws-sdk-s3
      cli-format
      memoist
      rainbow
      rexml
      text-table
      thor
      zeitwerk
    strscan (3.1.0)
    terraspace (2.2.17)
      activesupport
      bundler
      cli-format
      deep_merge
      dotenv
      dsl_evaluator
      eventmachine-tail
      graph
      hcl_parser
      memoist
      rainbow
      render_me_pretty
      rexml
      rspec-terraspace (>= 0.3.1)
      terraspace-bundler (>= 0.5.0)
      thor
      tty-tree
      zeitwerk
      zip_folder
    terraspace-bundler (0.5.0)
      activesupport
      aws-sdk-s3
      dsl_evaluator
      memoist
      nokogiri
      rainbow
      rubyzip
      thor
      zeitwerk
    terraspace_plugin_aws (0.6.1)
      aws-sdk-dynamodb
      aws-sdk-s3
      aws-sdk-secretsmanager
      aws-sdk-ssm
      aws_data
      memoist
      s3-secure (>= 0.7.0)
      zeitwerk
    text-table (1.2.4)
    thor (1.3.1)
    tilt (2.3.0)
    tty-tree (0.4.0)
    tzinfo (2.0.6)
      concurrent-ruby (~> 1.0)
    zeitwerk (2.6.15)
    zip_folder (0.1.0)
      rubyzip

PLATFORMS
  x86_64-darwin-21

DEPENDENCIES
  rspec-terraspace
  terraspace (~> 2.2.0)
  terraspace_plugin_aws

BUNDLED WITH
   2.3.26
